PATH
  remote: ../../..
  specs:
    rubydoop (1.1.0)

GEM
  remote: https://rubygems.org/
  specs:
    bouncy-castle-java (1.5.0146.1)
    coderay (1.0.8)
    jruby-openssl (0.7.6.1)
      bouncy-castle-java (>= 1.5.0146.1)
    json (1.7.5-java)
    method_source (0.8.1)
    paint (0.8.5)
    pry (0.9.10-java)
      coderay (~> 1.0.5)
      method_source (~> 0.8)
      slop (~> 3.3.1)
      spoon (~> 0.0)
    rake (0.9.2.2)
    slop (3.3.3)
    spoon (0.0.1)

PLATFORMS
  java

DEPENDENCIES
  jruby-openssl
  json
  paint
  pry
  rake
  rubydoop!
